NUGET
  remote: https://www.nuget.org/api/v2
    NServiceBus (6.0)
