NUGET
  remote: https://nuget.org/api/v2
  specs:
    NServiceBus (6.0.0-beta0001)
